GEM
  remote: http://rubygems.org/
  specs:
    Platform (0.4.0)
    git (1.2.5)
    jeweler (1.5.2)
      bundler (~> 1.0.0)
      git (>= 1.2.5)
      rake
    log4r (1.1.9)
    rake (0.8.7)
    yard (0.6.8)

PLATFORMS
  ruby
  x86-mingw32

DEPENDENCIES
  Platform (>= 0.4.0)
  bundler (~> 1.0.0)
  jeweler (~> 1.5.2)
  log4r (>= 1.1.9)
  rake
  yard (>= 0.6.8)
